NUGET
  remote: https://www.nuget.org/api/v2
    CryptSharpOfficial (2.1) - framework: >= net461
    FSharp.Compiler.Service (11.0.6) - framework: >= net461
      System.Collections.Immutable (>= 1.2)
      System.Reflection.Metadata (>= 1.4.1-beta-24227-04)
    FSharp.Configuration (0.6.4) - framework: >= net461
    FSharp.Core (4.1.12) - framework: >= net461
      System.ValueTuple (>= 4.3) - framework: >= net10, netstandard10, netstandard11, netstandard12, netstandard13, netstandard14, netstandard15
    FSharp.Data (2.3.2) - framework: >= net461
    FSharp.Data.SqlClient (1.8.3-beta5) - framework: >= net461
    FSharpPlus (1.0.0-CI00089) - framework: >= net461
      FSharp.Core
    IntelliFactory.Xml (0.6.63.95) - framework: >= net461
    ManagedEsent (1.9.4) - framework: >= net461
    Microsoft.Composition (1.0.30) - framework: >= net461
    Mono.Cecil (0.9.6.4) - framework: >= net461
    SQLProvider (1.0.47) - framework: >= net461
    System.AppContext (4.3) - framework: >= net461
    System.Collections (4.3) - framework: >= net461
    System.Collections.Concurrent (4.3) - framework: >= net461
    System.Collections.Immutable (1.3.1) - framework: >= net461
    System.Console (4.3) - framework: >= net461
    System.Diagnostics.Debug (4.3) - framework: >= net461
    System.Diagnostics.FileVersionInfo (4.3) - framework: >= net461
    System.Diagnostics.StackTrace (4.3) - framework: >= net461
    System.Diagnostics.Tools (4.3) - framework: >= net461
    System.Dynamic.Runtime (4.3) - framework: >= net461
    System.Globalization (4.3) - framework: >= net461
    System.IO.Compression (4.3) - framework: >= net461
    System.IO.FileSystem (4.3) - framework: >= net461
      System.IO.FileSystem.Primitives (>= 4.3) - framework: >= net46, >= netstandard13
    System.IO.FileSystem.Primitives (4.3) - framework: >= net461
    System.Linq (4.3) - framework: >= net461
    System.Linq.Expressions (4.3) - framework: >= net461
    System.Reflection (4.3) - framework: >= net461
    System.Reflection.Metadata (1.4.2) - framework: >= net461
      System.Collections.Immutable (>= 1.3.1) - framework: >= net45, >= netstandard11, monoandroid, monotouch, xamarinios, xamarinmac, winv4.5, wpav8.1
    System.Reflection.Primitives (4.3) - framework: >= net461
    System.Resources.ResourceManager (4.3) - framework: >= net461
    System.Runtime (4.3) - framework: >= net461
    System.Runtime.Extensions (4.3) - framework: >= net461
    System.Runtime.Handles (4.3) - framework: >= net461
    System.Runtime.InteropServices (4.3) - framework: >= net461
      System.Runtime (>= 4.3) - framework: net462, >= net463, dnxcore50, netstandard11, netstandard12, netstandard13, >= netstandard15, netcore11
    System.Runtime.Numerics (4.3) - framework: >= net461
    System.Security.Cryptography.Algorithms (4.3) - framework: >= net461
      System.IO (>= 4.3) - framework: >= net463, dnxcore50, netstandard13, netstandard14, >= netstandard16
      System.Runtime (>= 4.3) - framework: >= net463, dnxcore50, netstandard13, netstandard14, >= netstandard16
      System.Security.Cryptography.Encoding (>= 4.3) - framework: >= net463, dnxcore50, >= netstandard16
      System.Security.Cryptography.Primitives (>= 4.3) - framework: net46, net461, >= net463, dnxcore50, netstandard13, netstandard14, >= netstandard16
    System.Security.Cryptography.Encoding (4.3) - framework: >= net461
    System.Security.Cryptography.Primitives (4.3) - framework: >= net461
    System.Security.Cryptography.X509Certificates (4.3) - framework: >= net461
      System.Security.Cryptography.Algorithms (>= 4.3) - framework: net46, >= net461, dnxcore50, netstandard13, netstandard14, >= netstandard16
      System.Security.Cryptography.Encoding (>= 4.3) - framework: net46, >= net461, dnxcore50, netstandard13, netstandard14, >= netstandard16
    System.Text.Encoding (4.3) - framework: >= net461
    System.Text.Encoding.CodePages (4.3) - framework: >= net461
    System.Text.Encoding.Extensions (4.3) - framework: >= net461
    System.Threading (4.3) - framework: >= net461
    System.Threading.Tasks (4.3) - framework: >= net461
    System.Threading.Tasks.Parallel (4.3) - framework: >= net461
    System.Threading.Thread (4.3) - framework: >= net461
    System.ValueTuple (4.3) - framework: >= net452
    System.Xml.ReaderWriter (4.3) - framework: >= net461
    System.Xml.XDocument (4.3) - framework: >= net461
    System.Xml.XmlDocument (4.3) - framework: >= net461
    System.Xml.XPath (4.3) - framework: >= net461
    System.Xml.XPath.XDocument (4.3) - framework: >= net461
      System.Xml.XPath (>= 4.3) - framework: >= net46, >= netstandard13
    Zafir (4.0.160.40-beta6) - framework: >= net461
    Zafir.Compiler (4.0.160.40-beta6) - framework: >= net461
      Zafir (>= 4.0.160.40-beta6)
    Zafir.FSharp (4.0.160.40-beta6) - framework: >= net461
      Zafir (>= 4.0.160.40-beta6)
    Zafir.Html (4.0.73.22-beta6) - framework: >= net461
      IntelliFactory.Xml (>= 0.6.63.95)
      Zafir (>= 4.0.160.40-beta6)
  remote: https://dotnet.myget.org/F/dotnet-core
    System.IO (4.3.0) - framework: >= net463
