RESTRICTION: == net10
NUGET
  remote: https://www.nuget.org/api/v2
    Amazon.Lambda.Core (1.0)
    Amazon.Lambda.Serialization.Json (1.1)
    FSharp.Core (4.2.1)
    FSharp.NET.Sdk (1.0.5)
